GEM
  remote: http://rubygems.org/
  specs:
    atk (1.0.0)
      glib2 (>= 1.0.0)
    cairo (1.10.0)
      pkg-config
    ffi (1.0.9)
    gdk_pixbuf2 (1.0.0)
      glib2 (>= 1.0.0)
    glib2 (1.0.0)
      pkg-config
    gtk2 (1.0.0)
      atk (>= 1.0.0)
      gdk_pixbuf2 (>= 1.0.0)
      pango (>= 1.0.0)
    libnotify (0.5.7)
      ffi (= 1.0.9)
    pango (1.0.0)
      cairo (>= 1.10.0)
      glib2 (>= 1.0.0)
    pkg-config (1.1.2)
    ruby-libappindicator (0.1.1)
      gtk2

PLATFORMS
  ruby

DEPENDENCIES
  libnotify
  ruby-libappindicator
